GIT
  remote: https://github.com/netguru/mobile-devops-danger
  revision: 0b962b35c5d36c05ca03133fe3241b8c62f2d2b8
  specs:
    danger-mobiledevops (0.0.1)
      danger-plugin-api (~> 1.0)
      google_drive (~> 3.0.0)

GEM
  remote: https://rubygems.org/
  specs:
    addressable (2.7.0)
      public_suffix (>= 2.0.2, < 5.0)
    ansi (1.5.0)
    ast (2.4.0)
    awesome_print (1.8.0)
    claide (1.0.3)
    claide-plugins (0.9.2)
      cork
      nap
      open4 (~> 1.3)
    colored2 (3.1.2)
    cork (0.3.0)
      colored2 (~> 3.1)
    curl (0.0.9)
      awesome_print (>= 0.2.1)
      unidecoder (>= 1.1.1)
    danger (8.0.4)
      claide (~> 1.0)
      claide-plugins (>= 0.9.2)
      colored2 (~> 3.1)
      cork (~> 0.1)
      faraday (>= 0.9.0, < 2.0)
      faraday-http-cache (~> 2.0)
      git (~> 1.7)
      kramdown (~> 2.0)
      kramdown-parser-gfm (~> 1.0)
      no_proxy_fix
      octokit (~> 4.7)
      terminal-table (~> 1)
    danger-android_lint (0.0.7)
      danger-plugin-api (~> 1.0)
      oga
    danger-apkanalyzer (0.0.1)
      danger-plugin-api (~> 1.0)
    danger-jacoco (0.1.4)
      danger-plugin-api (~> 1.0)
      nokogiri-happymapper (~> 0.6)
    danger-jira (0.6.0)
      danger-plugin-api (~> 1.0)
    danger-junit (1.0.0)
      danger (> 2.0)
      ox (~> 2.0)
    danger-kotlin_detekt (0.0.3)
      danger-plugin-api (~> 1.0)
    danger-plugin-api (1.0.0)
      danger (> 2.0)
    danger-slack (0.0.3)
      danger-plugin-api (~> 1.0)
    declarative (0.0.20)
    declarative-option (0.1.0)
    faraday (0.17.3)
      multipart-post (>= 1.2, < 3)
    faraday-http-cache (2.2.0)
      faraday (>= 0.8)
    git (1.7.0)
      rchardet (~> 1.8)
    google-api-client (0.43.0)
      addressable (~> 2.5, >= 2.5.1)
      googleauth (~> 0.9)
      httpclient (>= 2.8.1, < 3.0)
      mini_mime (~> 1.0)
      representable (~> 3.0)
      retriable (>= 2.0, < 4.0)
      signet (~> 0.12)
    google_drive (3.0.5)
      google-api-client (>= 0.11.0, < 1.0.0)
      googleauth (>= 0.5.0, < 1.0.0)
      nokogiri (>= 1.5.3, < 2.0.0)
    googleauth (0.13.1)
      faraday (>= 0.17.3, < 2.0)
      jwt (>= 1.4, < 3.0)
      memoist (~> 0.16)
      multi_json (~> 1.11)
      os (>= 0.9, < 2.0)
      signet (~> 0.14)
    httpclient (2.8.3)
    jwt (2.2.2)
    kramdown (2.3.0)
      rexml
    kramdown-parser-gfm (1.1.0)
      kramdown (~> 2.0)
    memoist (0.16.2)
    mini_mime (1.0.2)
    mini_portile2 (2.4.0)
    multi_json (1.15.0)
    multipart-post (2.1.1)
    nap (1.1.0)
    no_proxy_fix (0.1.2)
    nokogiri (1.10.8)
      mini_portile2 (~> 2.4.0)
    nokogiri-happymapper (0.8.1)
      nokogiri (~> 1.5)
    octokit (4.18.0)
      faraday (>= 0.9)
      sawyer (~> 0.8.0, >= 0.5.3)
    oga (2.15)
      ast
      ruby-ll (~> 2.1)
    open4 (1.3.4)
    os (1.1.1)
    ox (2.11.0)
    public_suffix (4.0.5)
    rchardet (1.8.0)
    representable (3.0.4)
      declarative (< 0.1.0)
      declarative-option (< 0.2.0)
      uber (< 0.2.0)
    retriable (3.1.2)
    rexml (3.2.4)
    ruby-ll (2.1.2)
      ansi
      ast
    sawyer (0.8.2)
      addressable (>= 2.3.5)
      faraday (> 0.8, < 2.0)
    signet (0.14.0)
      addressable (~> 2.3)
      faraday (>= 0.17.3, < 2.0)
      jwt (>= 1.5, < 3.0)
      multi_json (~> 1.10)
    terminal-table (1.8.0)
      unicode-display_width (~> 1.1, >= 1.1.1)
    uber (0.1.0)
    unicode-display_width (1.7.0)
    unidecoder (1.1.2)

PLATFORMS
  ruby

DEPENDENCIES
  curl
  danger
  danger-android_lint
  danger-apkanalyzer
  danger-jacoco
  danger-jira
  danger-junit
  danger-kotlin_detekt
  danger-mobiledevops!
  danger-slack

BUNDLED WITH
   2.1.4
